NUGET
  remote: https://www.nuget.org/api/v2
  specs:
    FSCL.Compiler (2.0.1)
